GEM
  specs:
    remedy (0.0.5)

PLATFORMS
  x64-mingw32

DEPENDENCIES
  remedy (~> 0.0.4.pre)

BUNDLED WITH
   1.11.2
